PATH
  remote: .
  specs:
    hg-finance (1.0.2)

GEM
  remote: https://rubygems.org/
  specs:

PLATFORMS
  ruby

DEPENDENCIES
  hg-finance!

BUNDLED WITH
   1.16.2
